PATH
  remote: .
  specs:
    drupid (1.1.1)
      nokogiri (= 1.5.9)
      rgl (>= 0.4.0)

GEM
  remote: https://rubygems.org/
  specs:
    json (1.8.0)
    minitest (5.0.6)
    nokogiri (1.5.9)
    rake (10.1.0)
    rdoc (4.0.1)
      json (~> 1.4)
    rgl (0.4.0)
      rake
      stream (>= 0.5)
    stream (0.5)

PLATFORMS
  ruby

DEPENDENCIES
  drupid!
  minitest (>= 5.0.6)
  rdoc
