GEM
  remote: http://rubygems.org/
  specs:
    ansi (1.4.3)
    json (1.8.0)
    minitest (4.7.5)
    rack (1.5.2)
    rack-test (0.6.2)
      rack (>= 1.0)
    rake (10.1.0)
    rdoc (4.0.1)
      json (~> 1.4)
    turn (0.9.6)
      ansi

PLATFORMS
  ruby

DEPENDENCIES
  ansi
  minitest (~> 4.7)
  rack-test
  rake
  rdoc
  turn
